GIT
  remote: https://github.com/rvedotrc/rosarium.git
  revision: 968feed0c96376dd33f78b92e164ed82a3a24a70
  tag: v0.1.4
  specs:
    rosarium (0.1.4)

GEM
  remote: https://rubygems.org/
  specs:
    aws-sdk (2.5.3)
      aws-sdk-resources (= 2.5.3)
    aws-sdk-core (2.5.3)
      jmespath (~> 1.0)
    aws-sdk-resources (2.5.3)
      aws-sdk-core (= 2.5.3)
    jmespath (1.3.1)

PLATFORMS
  ruby

DEPENDENCIES
  aws-sdk (~> 2)!
  rosarium (~> 0.1.4)!

BUNDLED WITH
   1.12.5
